PATH
  remote: .
  specs:
    bikes (0.0.1)
      hashie (~> 2.1, >= 2.1.2)
      httparty (~> 0.13, >= 0.13.1)
      json (~> 1.8, >= 1.8.1)

GEM
  remote: https://rubygems.org/
  specs:
    addressable (2.3.6)
    coveralls (0.7.1)
      multi_json (~> 1.3)
      rest-client
      simplecov (>= 0.7)
      term-ansicolor
      thor
    crack (0.4.2)
      safe_yaml (~> 1.0.0)
    docile (1.1.5)
    hashie (2.1.2)
    httparty (0.13.1)
      json (~> 1.8)
      multi_xml (>= 0.5.2)
    json (1.8.1)
    mime-types (2.4.1)
    multi_json (1.10.1)
    multi_xml (0.5.5)
    netrc (0.7.7)
    rake (10.3.2)
    rest-client (1.7.2)
      mime-types (>= 1.16, < 3.0)
      netrc (~> 0.7)
    safe_yaml (1.0.3)
    simplecov (0.9.1)
      docile (~> 1.1.0)
      multi_json (~> 1.0)
      simplecov-html (~> 0.8.0)
    simplecov-html (0.8.0)
    term-ansicolor (1.3.0)
      tins (~> 1.0)
    thor (0.19.1)
    tins (1.3.3)
    webmock (1.19.0)
      addressable (>= 2.3.6)
      crack (>= 0.3.2)

PLATFORMS
  ruby

DEPENDENCIES
  bikes!
  coveralls
  rake
  webmock (~> 1.19, >= 1.19.0)
